GEM
  remote: https://rubygems.org/
  specs:
    addressable (2.8.5)
      public_suffix (>= 2.0.2, < 6.0)
    git (1.18.0)
      addressable (~> 2.8)
      rchardet (~> 1.8)
    pastel (0.8.0)
      tty-color (~> 0.5)
    public_suffix (5.0.3)
    rchardet (1.8.0)
    tty-color (0.6.0)
    tty-cursor (0.7.1)
    tty-prompt (0.23.1)
      pastel (~> 0.8)
      tty-reader (~> 0.8)
    tty-prompt-vim (0.1.0)
      tty-prompt (~> 0.16)
    tty-reader (0.9.0)
      tty-cursor (~> 0.7)
      tty-screen (~> 0.8)
      wisper (~> 2.0)
    tty-screen (0.8.1)
    wisper (2.0.1)

PLATFORMS
  ruby

DEPENDENCIES
  git
  tty-prompt-vim

BUNDLED WITH
   2.1.4
